GEM
  remote: http://rubygems.org/
  specs:
    haml (3.0.25)
    json (1.4.6)
    json (1.4.6-x86-mingw32)
    r18n-core (0.4.9)
    rack (1.2.1)
    shotgun (0.9)
      rack (>= 1.0)
    sinatra (1.2.0)
      rack (~> 1.1)
      tilt (>= 1.2.2, < 2.0)
    sinatra-iphone-views (1.0.0)
      sinatra (>= 1.0.a)
    sinatra-r18n (0.4.9)
      r18n-core (= 0.4.9)
    slim (0.9.0)
      temple (~> 0.1.7)
      tilt (~> 1.2)
    temple (0.1.7)
    tilt (1.2.2)

PLATFORMS
  ruby
  x86-mingw32

DEPENDENCIES
  haml (= 3.0.25)
  json (= 1.4.6)
  r18n-core (= 0.4.9)
  shotgun
  sinatra (= 1.2.0)
  sinatra-iphone-views (= 1.0.0)
  sinatra-r18n (= 0.4.9)
  slim (= 0.9.0)
